GEM
  remote: http://rubygems.org/
  specs:
    commander (4.0.5)
      highline (>= 1.5.0)
    crypt19 (1.2.1)
    diff-lcs (1.1.3)
    git (1.2.5)
    highline (1.6.2)
    jeweler (1.6.4)
      bundler (~> 1.0)
      git (>= 1.2.5)
      rake
    rake (0.9.2)
    rcov (0.9.10)
    rspec (2.6.0)
      rspec-core (~> 2.6.0)
      rspec-expectations (~> 2.6.0)
      rspec-mocks (~> 2.6.0)
    rspec-core (2.6.4)
    rspec-expectations (2.6.0)
      diff-lcs (~> 1.1.2)
    rspec-mocks (2.6.0)

PLATFORMS
  ruby

DEPENDENCIES
  bundler (~> 1.0.0)
  commander (>= 1.0)
  crypt19 (>= 1.0)
  highline (>= 1.0)
  jeweler (~> 1.6.4)
  rcov
  rspec (>= 2.3.0)
